GEM
  remote: https://rubygems.org/
  specs:
    chronic (0.10.2)
    mina (0.3.4)
      open4 (~> 1.3.4)
      rake
    open4 (1.3.4)
    rake (10.4.2)
    sass (3.4.15)
    whenever (0.9.4)
      chronic (>= 0.6.3)

PLATFORMS
  ruby

DEPENDENCIES
  mina
  sass
  whenever

BUNDLED WITH
   1.10.4
